GEM
 remote: https://rubygems.org/
 specs:
   rack (1.6.8)
   rack-protection (1.5.3)
     rack
   sinatra (2.0.0)
     rack (~> 1.5)
     rack-protection (~> 1.4)
     tilt (>= 1.3, < 3)
   tilt (2.0.8)

PLATFORMS
 x64-mingw32

DEPENDENCIES
 sinatra (~> 2.0.0)

RUBY VERSION
  2.4.2

BUNDLED WITH
  1.15.3